GEM
  remote: https://rubygems.org/
  specs:
    activemodel (7.1.4.1)
      activesupport (= 7.1.4.1)
    activerecord (7.1.4.1)
      activemodel (= 7.1.4.1)
      activesupport (= 7.1.4.1)
      timeout (>= 0.4.0)
    activesupport (7.1.4.1)
      base64
      bigdecimal
      concurrent-ruby (~> 1.0, >= 1.0.2)
      connection_pool (>= 2.2.5)
      drb
      i18n (>= 1.6, < 2)
      minitest (>= 5.1)
      mutex_m
      tzinfo (~> 2.0)
    backports (3.25.0)
    base64 (0.2.0)
    bigdecimal (3.1.8)
    concurrent-ruby (1.3.4)
    connection_pool (2.4.1)
    drb (2.2.1)
    i18n (1.14.6)
      concurrent-ruby (~> 1.0)
    mini_portile2 (2.8.7)
    minitest (5.25.1)
    multi_json (1.15.0)
    mutex_m (0.2.0)
    rack (1.5.2)
    rack-protection (1.5.1)
      rack
    rack-test (2.1.0)
      rack (>= 1.3)
    rackup (1.0.0)
      rack (< 3)
      webrick
    sinatra (1.4.4)
      rack (~> 1.4)
      rack-protection (~> 1.4)
      tilt (~> 1.3, >= 1.3.4)
    sinatra-activerecord (2.0.27)
      activerecord (>= 4.1)
      sinatra (>= 1.0)
    sinatra-contrib (1.4.7)
      backports (>= 2.0)
      multi_json
      rack-protection
      rack-test
      sinatra (~> 1.4.0)
      tilt (>= 1.3, < 3)
    sinatra-rax (1.0.1)
      rack-test (~> 2.0)
    sqlite3 (2.0.4)
      mini_portile2 (~> 2.8.0)
    sqlite3 (2.0.4-x64-mingw32)
    tilt (1.4.1)
    timeout (0.4.1)
    tzinfo (2.0.6)
      concurrent-ruby (~> 1.0)
    webrick (1.8.2)

PLATFORMS
  ruby
  x64-mingw32

DEPENDENCIES
  activerecord
  rackup (~> 1.0)
  sinatra
  sinatra-activerecord
  sinatra-contrib
  sinatra-rax
  sqlite3

BUNDLED WITH
   2.2.33
